GIT
  remote: git@github.com:nitrogenlogic/nl-fast_png.git
  revision: efb78371293a3a2787884cee0d3abf5e6c7d8d15
  specs:
    nl-fast_png (0.0.0.pre.usegit)

PATH
  remote: .
  specs:
    nl-knd_client (0.0.2)
      nl-fast_png

GEM
  remote: https://rubygems.org/
  specs:
    coderay (1.1.3)
    diff-lcs (1.4.4)
    eventmachine (1.2.7)
    method_source (1.0.0)
    pry (0.13.1)
      coderay (~> 1.1)
      method_source (~> 1.0)
    rake (12.3.3)
    rake-compiler (1.1.1)
      rake
    rspec (3.10.0)
      rspec-core (~> 3.10.0)
      rspec-expectations (~> 3.10.0)
      rspec-mocks (~> 3.10.0)
    rspec-core (3.10.0)
      rspec-support (~> 3.10.0)
    rspec-expectations (3.10.0)
      diff-lcs (>= 1.2.0, < 2.0)
      rspec-support (~> 3.10.0)
    rspec-mocks (3.10.0)
      diff-lcs (>= 1.2.0, < 2.0)
      rspec-support (~> 3.10.0)
    rspec-support (3.10.0)

PLATFORMS
  ruby

DEPENDENCIES
  eventmachine
  nl-fast_png!
  nl-knd_client!
  pry
  rake (~> 12.0)
  rake-compiler
  rspec

BUNDLED WITH
   2.1.4
